GEM
  remote: https://rubygems.org/
  specs:
    ast (2.4.2)
    opal (1.7.3)
      ast (>= 2.3.0)
      parser (~> 3.0, >= 3.0.3.2)
    parser (3.2.2.3)
      ast (~> 2.4.1)
      racc
    racc (1.7.1)
    rack (3.0.8)
    rackup (2.1.0)
      rack (>= 3)
      webrick (~> 1.8)
    webrick (1.8.1)

PLATFORMS
  arm64-darwin-22

DEPENDENCIES
  opal (~> 1.7)
  rack (~> 3.0)
  rackup (~> 2.1)

BUNDLED WITH
   2.4.19
